PATH
  remote: .
  specs:
    moab-versioning (0.8.7)
      confstruct
      happymapper
      hashery (>= 2.0.0)
      json
      nokogiri

GEM
  remote: http://rubygems.org/
  remote: http://sulair-rails-dev.stanford.edu/
  specs:
    awesome_print (1.0.1)
    confstruct (0.2.3)
    equivalent-xml (0.2.8)
      nokogiri (>= 1.4.3)
    happymapper (0.4.0)
      libxml-ruby (~> 2.0)
    hashery (2.0.0)
    highline (1.6.8)
    i18n (0.6.0)
    json (1.6.3)
    libxml-ruby (2.3.2)
    lyberteam-devel (0.4.1)
      highline
      pony
      rake (>= 0.8.7)
    mail (2.3.0)
      i18n (>= 0.4.0)
      mime-types (~> 1.16)
      treetop (~> 1.4.8)
    mime-types (1.17.2)
    nokogiri (1.4.7)
    polyglot (0.3.3)
    pony (1.4)
      mail (> 2.0)
    rake (0.9.2.2)
    rcov (0.9.11)
    rdoc (3.11)
      json (~> 1.4)
    rspec (1.3.2)
    treetop (1.4.10)
      polyglot
      polyglot (>= 0.3.1)
    yard (0.7.4)

PLATFORMS
  ruby

DEPENDENCIES
  awesome_print
  equivalent-xml (>= 0.2.2)
  lyberteam-devel (>= 0.4.1)
  moab-versioning!
  rake (>= 0.8.7)
  rcov
  rdoc
  rspec (< 2.0)
  yard
