PATH
  remote: .
  specs:
    moab-versioning (1.2.3)
      confstruct
      happymapper
      hashery (>= 2.0.0)
      json
      nokogiri
      systemu

GEM
  remote: http://rubygems.org/
  remote: http://sul-gems.stanford.edu/
  specs:
    awesome_print (1.0.1)
    confstruct (0.2.4)
    equivalent-xml (0.2.8)
      nokogiri (>= 1.4.3)
    happymapper (0.4.0)
      libxml-ruby (~> 2.0)
    hashery (2.1.0)
    json (1.6.3)
    libxml-ruby (2.3.3)
    lyberteam-gems-devel (1.0.1)
      rake (>= 0.8.7)
      rest-client
    mime-types (1.19)
    nokogiri (1.4.7)
    rake (0.9.2.2)
    rcov (0.9.11)
    rdoc (3.11)
      json (~> 1.4)
    rest-client (1.6.7)
      mime-types (>= 1.16)
    rspec (1.3.2)
    systemu (2.5.2)
    yard (0.7.4)

PLATFORMS
  ruby

DEPENDENCIES
  awesome_print
  equivalent-xml (>= 0.2.2)
  lyberteam-gems-devel (>= 1.0)
  moab-versioning!
  rake (>= 0.8.7)
  rcov
  rdoc
  rspec (< 2.0)
  yard
